PATH
  remote: .
  specs:
    batcave (0.0.10)
      cabin
      clamp
      stud (>= 0.0.14)

GEM
  remote: https://rubygems.org/
  specs:
    cabin (0.6.1)
    clamp (0.6.3)
    stud (0.0.18)

PLATFORMS
  ruby

DEPENDENCIES
  batcave!
